PATH
  remote: .
  specs:
    fluent-plugin-elasticsearch-timestamper (0.3.0)
      fluent-mixin-rewrite-tag-name
      fluentd (~> 0.10.17)

GEM
  remote: https://rubygems.org/
  specs:
    cool.io (1.4.5)
    fluent-mixin-rewrite-tag-name (0.1.0)
      fluentd
    fluentd (0.10.61)
      cool.io (>= 1.1.1, < 2.0.0, != 1.2.0)
      http_parser.rb (>= 0.5.1, < 0.7.0)
      json (>= 1.4.3)
      msgpack (>= 0.4.4, < 0.6.0, != 0.5.9, != 0.5.8, != 0.5.7, != 0.5.6, != 0.5.5, != 0.5.4, != 0.5.3, != 0.5.2, != 0.5.10, != 0.5.1, != 0.5.0)
      sigdump (~> 0.2.2)
      tzinfo (>= 1.0.0)
      tzinfo-data (>= 1.0.0)
      yajl-ruby (~> 1.0)
    http_parser.rb (0.6.0)
    json (2.0.2)
    msgpack (0.5.12)
    power_assert (0.4.1)
    rake (11.3.0)
    sigdump (0.2.4)
    test-unit (3.2.3)
      power_assert
    thread_safe (0.3.5)
    tzinfo (1.2.2)
      thread_safe (~> 0.1)
    tzinfo-data (1.2016.10)
      tzinfo (>= 1.0.0)
    yajl-ruby (1.3.0)

PLATFORMS
  ruby

DEPENDENCIES
  fluent-plugin-elasticsearch-timestamper!
  fluentd (~> 0.10.52)
  rake
  test-unit (> 3.2.0)
